GEM
  remote: https://rubygems.org/
  specs:
    diff-lcs (1.1.3)
    json (1.6.6)
    multi_json (1.2.0)
    rake (0.9.2.2)
    rspec (2.9.0)
      rspec-core (~> 2.9.0)
      rspec-expectations (~> 2.9.0)
      rspec-mocks (~> 2.9.0)
    rspec-core (2.9.0)
    rspec-expectations (2.9.1)
      diff-lcs (~> 1.1.3)
    rspec-mocks (2.9.0)
    simplecov (0.6.1)
      multi_json (~> 1.0)
      simplecov-html (~> 0.5.3)
    simplecov-html (0.5.3)
    trollop (1.16.2)

PLATFORMS
  ruby

DEPENDENCIES
  json
  rake
  rspec
  simplecov
  trollop
