GEM
  remote: https://rubygems.org/
  specs:
    blankslate (2.1.2.4)
    charlock_holmes (0.6.9)
    diff-lcs (1.1.3)
    escape_utils (0.2.4)
    ffi (1.0.11)
    github-linguist (2.3.3)
      charlock_holmes (~> 0.6.6)
      escape_utils (~> 0.2.3)
      mime-types (~> 1.19)
      pygments.rb (>= 0.2.13)
    grit (2.5.0)
      diff-lcs (~> 1.1)
      mime-types (~> 1.15)
      posix-spawn (~> 0.3.6)
    json (1.7.5)
    mime-types (1.19)
    multi_json (1.3.6)
    posix-spawn (0.3.6)
    pygments.rb (0.2.13)
      rubypython (~> 0.5.3)
    rake (0.9.2.2)
    rspec (2.11.0)
      rspec-core (~> 2.11.0)
      rspec-expectations (~> 2.11.0)
      rspec-mocks (~> 2.11.0)
    rspec-core (2.11.1)
    rspec-expectations (2.11.3)
      diff-lcs (~> 1.1.3)
    rspec-mocks (2.11.2)
    rubypython (0.5.3)
      blankslate (>= 2.1.2.3)
      ffi (~> 1.0.7)
    simplecov (0.6.4)
      multi_json (~> 1.0)
      simplecov-html (~> 0.5.3)
    simplecov-html (0.5.3)
    trollop (2.0)

PLATFORMS
  ruby

DEPENDENCIES
  github-linguist
  grit
  json
  rake
  rspec
  simplecov
  trollop
